GIT
  remote: https://github.com/damianFC/alexa-rubykit.git
  revision: 49bb2e8820a61a086d4978ad207c00d67a1a8aea
  specs:
    alexa_rubykit (1.2.0)
      bundler (~> 1.7)
      rake

PATH
  remote: .
  specs:
    alexa_rubyengine (1.0.0)
      sinatra (>= 1.4)

GEM
  remote: https://rubygems.org/
  specs:
    rack (1.6.5)
    rack-protection (1.5.3)
      rack
    rake (12.0.0)
    sinatra (1.4.8)
      rack (~> 1.5)
      rack-protection (~> 1.4)
      tilt (>= 1.3, < 3)
    tilt (2.0.6)

PLATFORMS
  ruby

DEPENDENCIES
  alexa_rubyengine!
  alexa_rubykit!
  bundler (>= 1.7.3)
  rake (>= 10.0)

BUNDLED WITH
   1.14.5
